GEM
  specs:
    excon (0.62.0)
    jeff (2.0.0)
      excon (>= 0.22.1)
    multi_xml (0.6.0)
    ocra (1.3.10)
    peddler (2.0.4)
      excon (>= 0.50.0)
      jeff (~> 2.0)
      multi_xml (>= 0.5.0)

PLATFORMS
  ruby

DEPENDENCIES
  ocra
  peddler

BUNDLED WITH
   1.16.6
